GIT
  remote: git://github.com/simonc/memfs.git
  revision: c2f29bd47a74924e056dd1274074912452fdc73a
  specs:
    memfs (0.4.1)

PATH
  remote: .
  specs:
    october (0.1.1)
      activesupport
      cinch (~> 2.1.0)
      i18n

GEM
  remote: https://rubygems.org/
  specs:
    activesupport (3.2.9)
      i18n (~> 0.6)
      multi_json (~> 1.0)
    addressable (2.3.2)
    akami (1.2.2)
      gyoku (>= 0.4.0)
      nokogiri
    awesome_print (1.1.0)
    builder (3.2.2)
    byebug (3.5.1)
      columnize (~> 0.8)
      debugger-linecache (~> 1.2)
      slop (~> 3.6)
    cinch (2.1.0)
    coderay (1.1.0)
    columnize (0.9.0)
    crack (0.3.1)
    curb (0.8.6)
    debugger-linecache (1.2.0)
    descendants_tracker (0.0.4)
      thread_safe (~> 0.3, >= 0.3.1)
    diff-lcs (1.2.5)
    faraday (0.9.0)
      multipart-post (>= 1.2, < 3)
    github_api (0.11.3)
      addressable (~> 2.3)
      descendants_tracker (~> 0.0.1)
      faraday (~> 0.8, < 0.10)
      hashie (>= 1.2)
      multi_json (>= 1.7.5, < 2.0)
      nokogiri (~> 1.6.0)
      oauth2
    gyoku (1.2.2)
      builder (>= 2.1.2)
    hashie (3.0.0)
    hiredis (0.4.5)
    httpclient (2.4.0)
    httpi (2.3.0)
      rack
    i18n (0.6.1)
    json (1.8.2)
    jwt (1.0.0)
    macaddr (1.7.1)
      systemu (~> 2.6.2)
    method_source (0.8.2)
    mime-types (1.25.1)
    mini_portile (0.6.0)
    multi_json (1.10.1)
    multi_xml (0.5.5)
    multipart-post (2.0.0)
    nest (1.1.2)
      redis
    nokogiri (1.6.2.1)
      mini_portile (= 0.6.0)
    nori (2.4.0)
    oauth2 (0.9.4)
      faraday (>= 0.8, < 0.10)
      jwt (~> 1.0)
      multi_json (~> 1.3)
      multi_xml (~> 0.5)
      rack (~> 1.2)
    ohm (1.2.0)
      nest (~> 1.0)
      redis
      scrivener (~> 0.0.3)
    pry (0.10.1)
      coderay (~> 1.1.0)
      method_source (~> 0.8.1)
      slop (~> 3.4)
    pry-byebug (2.0.0)
      byebug (~> 3.4)
      pry (~> 0.10)
    rack (1.5.2)
    redis (3.0.2)
    redis-namespace (1.2.1)
      redis (~> 3.0.0)
    redis-objects (0.6.1)
      redis (>= 3.0.2)
    rspec (3.1.0)
      rspec-core (~> 3.1.0)
      rspec-expectations (~> 3.1.0)
      rspec-mocks (~> 3.1.0)
    rspec-core (3.1.7)
      rspec-support (~> 3.1.0)
    rspec-expectations (3.1.2)
      diff-lcs (>= 1.2.0, < 2.0)
      rspec-support (~> 3.1.0)
    rspec-its (1.1.0)
      rspec-core (>= 3.0.0)
      rspec-expectations (>= 3.0.0)
    rspec-mocks (3.1.3)
      rspec-support (~> 3.1.0)
    rspec-support (3.1.2)
    savon (2.8.1)
      akami (~> 1.2)
      builder (>= 2.1.2)
      gyoku (~> 1.2)
      httpi (~> 2.3)
      nokogiri (>= 1.4.0)
      nori (~> 2.4)
      uuid (~> 2.3.7)
      wasabi (= 3.3.0)
    scrivener (0.0.3)
    slop (3.6.0)
    sonos (0.3.6)
      httpclient
      nokogiri
      savon (~> 2.0)
      thor
    systemu (2.6.4)
    thor (0.19.1)
    thread_safe (0.3.4)
    uuid (2.3.7)
      macaddr (~> 1.0)
    wasabi (3.3.0)
      httpi (~> 2.0)
      mime-types (< 2.0.0)
      nokogiri (>= 1.4.0)
    webmock (1.9.0)
      addressable (>= 2.2.7)
      crack (>= 0.1.7)

PLATFORMS
  ruby

DEPENDENCIES
  activesupport
  awesome_print
  curb
  github_api
  hiredis
  httpclient
  i18n
  json
  memfs!
  nokogiri
  october!
  ohm
  pry
  pry-byebug
  redis
  redis-namespace
  redis-objects
  rspec (~> 3.1)
  rspec-its
  sonos
  webmock
