GIT
  remote: https://github.com/cinchrb/cinch.git
  revision: 0b09ae903e54b0d9dbc5dc33d5b03666edd42c9b
  specs:
    cinch (1.1.3)

GEM
  remote: http://rubygems.org/
  specs:
    activesupport (3.2.0)
      i18n (~> 0.6)
      multi_json (~> 1.0)
    addressable (2.2.7)
    awesome_print (1.0.2)
    coderay (0.9.8)
    diff-lcs (1.1.3)
    fakefs (0.4.0)
    faraday (0.7.6)
      addressable (~> 2.2)
      multipart-post (~> 1.1)
      rack (~> 1.1)
    github_api (0.4.4)
      faraday (~> 0.7.4)
      hashie (~> 1.2.0)
      multi_json (~> 1.0.3)
      oauth2 (~> 0.5.0)
    hashie (1.2.0)
    hiredis (0.4.4)
    i18n (0.6.0)
    json (1.6.5)
    method_source (0.6.7)
      ruby_parser (>= 2.3.1)
    mime-types (1.17.2)
    multi_json (1.0.4)
    multipart-post (1.1.5)
    nokogiri (1.5.0)
    oauth2 (0.5.2)
      faraday (~> 0.7)
      multi_json (~> 1.0)
    pry (0.9.7.4)
      coderay (~> 0.9.8)
      method_source (~> 0.6.7)
      ruby_parser (>= 2.3.1)
      slop (~> 2.1.0)
    pry-nav (0.0.4)
      pry (~> 0.9.7.4)
    rack (1.4.1)
    rake (0.9.2.2)
    redis (2.2.2)
    redis-namespace (1.1.0)
      redis (< 3.0.0)
    redis-objects (0.5.2)
      redis (>= 2.1.1)
    rspec (2.8.0)
      rspec-core (~> 2.8.0)
      rspec-expectations (~> 2.8.0)
      rspec-mocks (~> 2.8.0)
    rspec-core (2.8.0)
    rspec-expectations (2.8.0)
      diff-lcs (~> 1.1.2)
    rspec-mocks (2.8.0)
    ruby_parser (2.3.1)
      sexp_processor (~> 3.0)
    sexp_processor (3.0.10)
    slop (2.1.0)
    typhoeus (0.3.3)
      mime-types

PLATFORMS
  ruby

DEPENDENCIES
  activesupport
  awesome_print
  cinch!
  fakefs
  github_api
  hiredis
  i18n
  json
  nokogiri
  pry
  pry-nav
  rake
  redis
  redis-namespace
  redis-objects
  rspec
  typhoeus
